GEM
  remote: https://rubygems.org/
  specs:
    minitest (5.10.1)
    puma (3.8.2)
    rack (2.0.1)
    rake (12.0.0)

PLATFORMS
  ruby

DEPENDENCIES
  minitest
  puma
  rack
  rake

BUNDLED WITH
   1.14.6
